PATH
  remote: .
  specs:
    xfel-timew-jira (0.1.3)
      terminal-table (~> 1.8.0)

GEM
  remote: https://rubygems.org/
  specs:
    diff-lcs (1.4.4)
    docile (1.3.2)
    rake (10.5.0)
    rspec (3.9.0)
      rspec-core (~> 3.9.0)
      rspec-expectations (~> 3.9.0)
      rspec-mocks (~> 3.9.0)
    rspec-core (3.9.2)
      rspec-support (~> 3.9.3)
    rspec-expectations (3.9.2)
      diff-lcs (>= 1.2.0, < 2.0)
      rspec-support (~> 3.9.0)
    rspec-mocks (3.9.1)
      diff-lcs (>= 1.2.0, < 2.0)
      rspec-support (~> 3.9.0)
    rspec-support (3.9.3)
    simplecov (0.19.0)
      docile (~> 1.1)
      simplecov-html (~> 0.11)
    simplecov-html (0.12.3)
    terminal-table (1.8.0)
      unicode-display_width (~> 1.1, >= 1.1.1)
    unicode-display_width (1.8.0)

PLATFORMS
  ruby

DEPENDENCIES
  bundler (~> 2.1.4)
  rake (~> 10.0)
  rspec (~> 3.0)
  simplecov (~> 0.19.0)
  xfel-timew-jira!

BUNDLED WITH
   2.1.4
